GIT
  remote: git@bitbucket.org:arguweb/service_base.git
  revision: 16f5407f974a2bd8c43071e5de90dbcde7c760c4
  tag: v0.0.5
  specs:
    service_base (0.0.4)
      activesupport (~> 5.0.1)
      oauth2 (~> 1.3.0)
      rails (~> 5.0.1)
      uri_template (~> 0.7.0)

GIT
  remote: https://github.com/rails/activeresource
  revision: f4bec7f8f389a203c51bdeaac02addc0bca7ce43
  branch: master
  specs:
    activeresource (5.0.0)
      activemodel (> 4.2, < 6)
      activemodel-serializers-xml (~> 1.0)
      activesupport (> 4.2, < 6)

GEM
  remote: https://rubygems.org/
  specs:
    actioncable (5.0.1)
      actionpack (= 5.0.1)
      nio4r (~> 1.2)
      websocket-driver (~> 0.6.1)
    actionmailer (5.0.1)
      actionpack (= 5.0.1)
      actionview (= 5.0.1)
      activejob (= 5.0.1)
      mail (~> 2.5, >= 2.5.4)
      rails-dom-testing (~> 2.0)
    actionpack (5.0.1)
      actionview (= 5.0.1)
      activesupport (= 5.0.1)
      rack (~> 2.0)
      rack-test (~> 0.6.3)
      rails-dom-testing (~> 2.0)
      rails-html-sanitizer (~> 1.0, >= 1.0.2)
    actionview (5.0.1)
      activesupport (= 5.0.1)
      builder (~> 3.1)
      erubis (~> 2.7.0)
      rails-dom-testing (~> 2.0)
      rails-html-sanitizer (~> 1.0, >= 1.0.2)
    active_model_serializers (0.10.4)
      actionpack (>= 4.1, < 6)
      activemodel (>= 4.1, < 6)
      case_transform (>= 0.2)
      jsonapi (= 0.1.1.beta6)
    activejob (5.0.1)
      activesupport (= 5.0.1)
      globalid (>= 0.3.6)
    activemodel (5.0.1)
      activesupport (= 5.0.1)
    activemodel-serializers-xml (1.0.1)
      activemodel (> 5.x)
      activerecord (> 5.x)
      activesupport (> 5.x)
      builder (~> 3.1)
    activerecord (5.0.1)
      activemodel (= 5.0.1)
      activesupport (= 5.0.1)
      arel (~> 7.0)
    activesupport (5.0.1)
      concurrent-ruby (~> 1.0, >= 1.0.2)
      i18n (~> 0.7)
      minitest (~> 5.1)
      tzinfo (~> 1.1)
    addressable (2.3.8)
    amq-protocol (2.1.0)
    arel (7.1.4)
    assert_difference (1.0.0)
      activesupport (>= 3.0.0)
    ast (2.3.0)
    better_errors (2.1.1)
      coderay (>= 1.0.0)
      erubis (>= 2.6.6)
      rack (>= 0.9.0)
    binding_of_caller (0.7.3.pre1)
      debug_inspector (>= 0.0.1)
    brakeman (3.4.1)
    bugsnag (4.2.1)
    builder (3.2.3)
    bundler-audit (0.5.0)
      bundler (~> 1.2)
      thor (~> 0.18)
    bunny (2.6.3)
      amq-protocol (>= 2.0.1)
    byebug (9.0.5)
    case_transform (0.2)
      activesupport
    celluloid (0.17.3)
      celluloid-essentials
      celluloid-extras
      celluloid-fsm
      celluloid-pool
      celluloid-supervision
      timers (>= 4.1.1)
    celluloid-essentials (0.20.5)
      timers (>= 4.1.1)
    celluloid-extras (0.20.5)
      timers (>= 4.1.1)
    celluloid-fsm (0.20.5)
      timers (>= 4.1.1)
    celluloid-pool (0.20.5)
      timers (>= 4.1.1)
    celluloid-supervision (0.20.6)
      timers (>= 4.1.1)
    coderay (1.1.1)
    concurrent-ruby (1.0.4)
    connection_pool (2.2.0)
    crack (0.4.3)
      safe_yaml (~> 1.0.0)
    css_parser (1.3.7)
      addressable
    debug_inspector (0.0.2)
    diff-lcs (1.2.5)
    domain_name (0.5.20161021)
      unf (>= 0.0.5, < 1.0.0)
    dotenv (2.1.1)
    dotenv-rails (2.1.1)
      dotenv (= 2.1.1)
      railties (>= 4.0, < 5.1)
    erubis (2.7.0)
    factory_girl (4.7.0)
      activesupport (>= 3.0.0)
    factory_girl_rails (4.7.0)
      factory_girl (~> 4.7.0)
      railties (>= 3.0.0)
    faraday (0.10.1)
      multipart-post (>= 1.2, < 3)
    ffi (1.9.17)
    globalid (0.3.7)
      activesupport (>= 4.1.0)
    hashdiff (0.3.0)
    hitimes (1.2.4)
    http-cookie (1.0.3)
      domain_name (~> 0.5)
    i18n (0.8.0)
    ice_cube (0.14.0)
    json (2.0.3)
    jsonapi (0.1.1.beta6)
      jsonapi-parser (= 0.1.1.beta3)
      jsonapi-renderer (= 0.1.1.beta1)
    jsonapi-parser (0.1.1.beta3)
    jsonapi-renderer (0.1.1.beta1)
    jwt (1.5.6)
    listen (3.1.5)
      rb-fsevent (~> 0.9, >= 0.9.4)
      rb-inotify (~> 0.9, >= 0.9.7)
      ruby_dep (~> 1.2)
    loofah (2.0.3)
      nokogiri (>= 1.5.9)
    mail (2.6.4)
      mime-types (>= 1.16, < 4)
    mailgun_rails (0.8.0)
      actionmailer (>= 3.2.13)
      json (>= 1.7.7)
      rest-client (>= 1.6.7)
    method_source (0.8.2)
    mime-types (3.1)
      mime-types-data (~> 3.2015)
    mime-types-data (3.2016.0521)
    mini_portile2 (2.1.0)
    minitest (5.10.1)
    multi_json (1.12.1)
    multi_xml (0.6.0)
    multipart-post (2.0.0)
    netrc (0.11.0)
    nio4r (1.2.1)
    nokogiri (1.6.8.1)
      mini_portile2 (~> 2.1.0)
    oauth2 (1.3.0)
      faraday (>= 0.8, < 0.11)
      jwt (~> 1.0)
      multi_json (~> 1.3)
      multi_xml (~> 0.5)
      rack (>= 1.2, < 3)
    parser (2.3.3.1)
      ast (~> 2.2)
    pg (0.19.0)
    powerpack (0.1.1)
    pragmatic_context (0.2.1)
      activemodel
      activesupport
    puma (3.6.2)
    rack (2.0.1)
    rack-protection (1.5.3)
      rack
    rack-test (0.6.3)
      rack (>= 1.0)
    rails (5.0.1)
      actioncable (= 5.0.1)
      actionmailer (= 5.0.1)
      actionpack (= 5.0.1)
      actionview (= 5.0.1)
      activejob (= 5.0.1)
      activemodel (= 5.0.1)
      activerecord (= 5.0.1)
      activesupport (= 5.0.1)
      bundler (>= 1.3.0, < 2.0)
      railties (= 5.0.1)
      sprockets-rails (>= 2.0.0)
    rails-dom-testing (2.0.2)
      activesupport (>= 4.2.0, < 6.0)
      nokogiri (~> 1.6)
    rails-html-sanitizer (1.0.3)
      loofah (~> 2.0)
    railties (5.0.1)
      actionpack (= 5.0.1)
      activesupport (= 5.0.1)
      method_source
      rake (>= 0.8.7)
      thor (>= 0.18.1, < 2.0)
    rainbow (2.2.1)
    rake (12.0.0)
    rb-fsevent (0.9.8)
    rb-inotify (0.9.7)
      ffi (>= 0.5.0)
    redis (3.3.1)
    rest-client (2.0.0)
      http-cookie (>= 1.0.2, < 2.0)
      mime-types (>= 1.16, < 4.0)
      netrc (~> 0.8)
    roadie (3.1.1)
      css_parser (~> 1.3.4)
      nokogiri (>= 1.5.0, < 1.7.0)
    roadie-rails (1.1.1)
      railties (>= 3.0, < 5.1)
      roadie (~> 3.1)
    rspec-core (3.5.2)
      rspec-support (~> 3.5.0)
    rspec-expectations (3.5.0)
      diff-lcs (>= 1.2.0, < 2.0)
      rspec-support (~> 3.5.0)
    rspec-mocks (3.5.0)
      diff-lcs (>= 1.2.0, < 2.0)
      rspec-support (~> 3.5.0)
    rspec-rails (3.5.2)
      actionpack (>= 3.0)
      activesupport (>= 3.0)
      railties (>= 3.0)
      rspec-core (~> 3.5.0)
      rspec-expectations (~> 3.5.0)
      rspec-mocks (~> 3.5.0)
      rspec-support (~> 3.5.0)
    rspec-support (3.5.0)
    rubocop (0.46.0)
      parser (>= 2.3.1.1, < 3.0)
      powerpack (~> 0.1)
      rainbow (>= 1.99.1, < 3.0)
      ruby-progressbar (~> 1.7)
      unicode-display_width (~> 1.0, >= 1.0.1)
    ruby-progressbar (1.8.1)
    ruby_dep (1.5.0)
    safe_yaml (1.0.4)
    sidekiq (4.2.2)
      concurrent-ruby (~> 1.0)
      connection_pool (~> 2.2, >= 2.2.0)
      rack-protection (~> 1.5)
      redis (~> 3.2, >= 3.2.1)
    sidetiq (0.7.2)
      celluloid (>= 0.17.3)
      ice_cube (~> 0.14.0)
      sidekiq (>= 4.1.0)
    slim (3.0.7)
      temple (~> 0.7.6)
      tilt (>= 1.3.3, < 2.1)
    spring (1.7.2)
    spring-watcher-listen (2.0.1)
      listen (>= 2.7, < 4.0)
      spring (>= 1.2, < 3.0)
    sprockets (3.7.1)
      concurrent-ruby (~> 1.0)
      rack (> 1, < 3)
    sprockets-rails (3.2.0)
      actionpack (>= 4.0)
      activesupport (>= 4.0)
      sprockets (>= 3.0.0)
    sqlite3 (1.3.13)
    temple (0.7.7)
    thor (0.19.4)
    thread_safe (0.3.5)
    tilt (2.0.5)
    timers (4.1.1)
      hitimes
    tzinfo (1.2.2)
      thread_safe (~> 0.1)
    tzinfo-data (1.2016.10)
      tzinfo (>= 1.0.0)
    unf (0.1.4)
      unf_ext
    unf_ext (0.0.7.2)
    unicode-display_width (1.1.3)
    uri_template (0.7.0)
    web-console (3.3.1)
      actionview (>= 5.0)
      activemodel (>= 5.0)
      debug_inspector
      railties (>= 5.0)
    webmock (2.1.0)
      addressable (>= 2.3.6)
      crack (>= 0.3.2)
      hashdiff
    websocket-driver (0.6.5)
      websocket-extensions (>= 0.1.0)
    websocket-extensions (0.1.2)

PLATFORMS
  ruby

DEPENDENCIES
  active_model_serializers (~> 0.10.4)
  activeresource!
  assert_difference
  better_errors
  binding_of_caller
  brakeman (~> 3.4.1)
  bugsnag (~> 4.2.1)
  bundler-audit (~> 0.5.0)
  bunny (~> 2.6.1)
  byebug
  dotenv-rails
  factory_girl
  factory_girl_rails
  jwt
  listen (~> 3.1.5)
  mailgun_rails
  pg (~> 0.19.0)
  pragmatic_context
  puma (~> 3.6.2)
  rails (~> 5.0.1)
  roadie-rails (~> 1.0)
  rspec-rails
  rubocop (~> 0.46.0)
  service_base!
  sidekiq
  sidetiq
  slim
  spring
  spring-watcher-listen (~> 2.0.1)
  sqlite3 (~> 1.3.13)
  tzinfo-data
  web-console
  webmock

BUNDLED WITH
   1.13.1
